GEM
  remote: https://rubygems.org/
  specs:
    alias (0.2.3)
    ansi (1.5.0)
    ast (2.4.1)
    binding.repl (3.0.0)
    boson (1.3.0)
    boson-more (0.3.1)
      boson (>= 1.3.0)
    builder (3.2.4)
    byebug (11.1.3)
    cd (1.0.1)
    clipboard (1.0.6)
    coderay (1.1.3)
    debugging (1.1.1)
      binding.repl (~> 3.0)
      paint (>= 0.9, < 3.0)
    every_day_irb (2.1.0)
      cd (~> 1.0)
    fancy_irb (1.2.1)
      paint (>= 0.9, < 3.0)
      unicode-display_width (~> 1.1)
    ffi (1.13.1)
    g (1.7.2)
    hirb (0.7.3)
    interactive_editor (0.0.11)
      spoon (>= 0.0.1)
    irbtools (1.7.1)
      alias (~> 0.2.3)
      binding.repl (~> 3.0)
      boson (~> 1.3.0)
      boson-more (~> 0.3.0)
      clipboard (~> 1.0.5)
      coderay (~> 1.1.0)
      debugging (~> 1.0)
      every_day_irb (>= 1.7.1)
      fancy_irb (>= 0.7.3)
      g (>= 1.7.2)
      hirb (~> 0.7, >= 0.7.3)
      interactive_editor (>= 0.0.10)
      method_locator (>= 0.0.4)
      method_source (>= 0.8.2)
      methodfinder (~> 2.0)
      ori (~> 0.1.0)
      os (~> 0.9)
      paint (>= 0.8.7)
      ruby_engine (~> 1.0)
      ruby_info (~> 1.0)
      ruby_version (~> 1.0)
      wirb (>= 1.0.3)
    method_locator (0.0.4)
    method_source (1.0.0)
    methodfinder (2.2.1)
    minitest (5.14.2)
    minitest-reporters (1.4.2)
      ansi
      builder
      minitest (>= 5.0)
      ruby-progressbar
    ori (0.1.0)
    os (0.9.6)
    paint (2.2.0)
    parallel (1.19.2)
    parser (2.7.1.4)
      ast (~> 2.4.1)
    pry (0.13.1)
      coderay (~> 1.1)
      method_source (~> 1.0)
    pry-byebug (3.9.0)
      byebug (~> 11.0)
      pry (~> 0.13.0)
    rainbow (3.0.0)
    rake (13.0.1)
    regexp_parser (1.8.0)
    rexml (3.2.4)
    rubocop (0.85.0)
      parallel (~> 1.10)
      parser (>= 2.7.0.1)
      rainbow (>= 2.2.2, < 4.0)
      regexp_parser (>= 1.7)
      rexml
      rubocop-ast (>= 0.0.3)
      ruby-progressbar (~> 1.7)
      unicode-display_width (>= 1.4.0, < 2.0)
    rubocop-ast (0.4.2)
      parser (>= 2.7.1.4)
    ruby-progressbar (1.10.1)
    ruby_engine (1.0.1)
    ruby_info (1.0.1)
    ruby_version (1.0.2)
    spoon (0.0.6)
      ffi
    stamp (0.6.0)
    unicode-display_width (1.7.0)
    wirb (2.2.1)
      paint (>= 0.9, < 3.0)

PLATFORMS
  ruby

DEPENDENCIES
  irbtools!
  minitest (~> 5.13)!
  minitest-reporters (~> 1.4)!
  pry!
  pry-byebug!
  rake!
  rubocop (= 0.85)!
  stamp (~> 0.6)!

RUBY VERSION
   ruby 2.7.1p83

BUNDLED WITH
   2.1.4
