GEM
  remote: https://rubygems.org/
  specs:
    alias (0.2.3)
    binding.repl (3.0.0)
    boson (1.3.0)
    boson-more (0.3.1)
      boson (>= 1.3.0)
    cd (1.0.1)
    clipboard (1.0.6)
    coderay (1.1.2)
    debugging (1.1.1)
      binding.repl (~> 3.0)
      paint (>= 0.9, < 3.0)
    every_day_irb (2.1.0)
      cd (~> 1.0)
    fancy_irb (1.2.1)
      paint (>= 0.9, < 3.0)
      unicode-display_width (~> 1.1)
    ffi (1.12.2)
    g (1.7.2)
    hirb (0.7.3)
    interactive_editor (0.0.11)
      spoon (>= 0.0.1)
    irbtools (1.7.1)
      alias (~> 0.2.3)
      binding.repl (~> 3.0)
      boson (~> 1.3.0)
      boson-more (~> 0.3.0)
      clipboard (~> 1.0.5)
      coderay (~> 1.1.0)
      debugging (~> 1.0)
      every_day_irb (>= 1.7.1)
      fancy_irb (>= 0.7.3)
      g (>= 1.7.2)
      hirb (~> 0.7, >= 0.7.3)
      interactive_editor (>= 0.0.10)
      method_locator (>= 0.0.4)
      method_source (>= 0.8.2)
      methodfinder (~> 2.0)
      ori (~> 0.1.0)
      os (~> 0.9)
      paint (>= 0.8.7)
      ruby_engine (~> 1.0)
      ruby_info (~> 1.0)
      ruby_version (~> 1.0)
      wirb (>= 1.0.3)
    method_locator (0.0.4)
    method_source (1.0.0)
    methodfinder (2.2.1)
    ori (0.1.0)
    os (0.9.6)
    paint (2.2.0)
    pry (0.13.1)
      coderay (~> 1.1)
      method_source (~> 1.0)
    ruby_engine (1.0.1)
    ruby_info (1.0.1)
    ruby_version (1.0.2)
    spoon (0.0.6)
      ffi
    unicode-display_width (1.7.0)
    wirb (2.2.1)
      paint (>= 0.9, < 3.0)

PLATFORMS
  ruby

DEPENDENCIES
  irbtools!
  pry!

RUBY VERSION
   ruby 2.7.0p0

BUNDLED WITH
   2.1.2
